{
	"Modality": "MR",
	"MagneticFieldStrength": 3,
	"Manufacturer": "Siemens",
	"ManufacturersModelName": "Prisma",
	"InstitutionName": "Universite_d_aix_Marseille",
	"InstitutionalDepartmentName": "Department",
	"InstitutionAddress": "Boulevard_Jean_Moulin_27_Marseille...4ECFF1..._District_FR_1300",
	"DeviceSerialNumber": "66072",
	"StationName": "AWP66072",
	"BodyPartExamined": "HEAD",
	"PatientPosition": "HFS",
	"ProcedureStepDescription": "PNH_Elouk_anat",
	"SoftwareVersions": "syngo_MR_E11",
	"MRAcquisitionType": "3D",
	"SeriesDescription": "T2SPACE_SAG_0.8iso_TR3000_TE305",
	"ProtocolName": "T2SPACE_SAG_0.8iso_TR3000_TE305",
	"ScanningSequence": "SE",
	"SequenceVariant": "SK_SP",
	"ScanOptions": "PFP",
	"SequenceName": "_spc_200",
	"ImageType": ["ORIGINAL", "PRIMARY", "M", "ND", "NORM"],
	"SeriesNumber": 7,
	"AcquisitionTime": "15:07:15.545000",
	"AcquisitionNumber": 1,
	"SliceThickness": 0.8,
	"SAR": 0.611898,
	"EchoTime": 0.305,
	"RepetitionTime": 3,
	"FlipAngle": 120,
	"PartialFourier": 1,
	"BaseResolution": 192,
	"ShimSetting": [
		-579,
		-10776,
		-752,
		-162,
		-30,
		-2211,
		-361,
		-50	],
	"TxRefAmp": 242.039,
	"PhaseResolution": 1,
	"ReceiveCoilName": "Loop_11",
	"ReceiveCoilActiveElements": "L11",
	"PulseSequenceDetails": "%SiemensSeq%_tse_vfl",
	"ConsistencyInfo": "N4_VE11B_LATEST_20150530",
	"PercentPhaseFOV": 100,
	"EchoTrainLength": 176,
	"PhaseEncodingSteps": 168,
	"AcquisitionMatrixPE": 192,
	"ReconMatrixPE": 192,
	"PixelBandwidth": 605,
	"DwellTime": 4.3e-06,
	"ImageOrientationPatientDICOM": [
		0,
		1,
		-0.000174522,
		0,
		-0.000174522,
		-1	],
	"InPlanePhaseEncodingDirectionDICOM": "ROW",
	"ConversionSoftware": "dcm2niix",
	"ConversionSoftwareVersion": "v1.0.20171215 Clang7.3.0"
}
