{
	"Modality": "MR",
	"MagneticFieldStrength": 3,
	"Manufacturer": "Siemens",
	"ManufacturersModelName": "Prisma",
	"InstitutionName": "Universite_d_aix_Marseille",
	"InstitutionAddress": "Boulevard_Jean_Moulin_27_Marseille...4ECFF1..._District_FR_1300",
	"DeviceSerialNumber": "66072",
	"StationName": "AWP66072",
	"BodyPartExamined": "HEAD",
	"PatientPosition": "HFS",
	"ProcedureStepDescription": "PNH_Elouk_anat",
	"SoftwareVersions": "syngo_MR_E11",
	"MRAcquisitionType": "3D",
	"SeriesDescription": "t1_mprage_sag_0p8mm",
	"ProtocolName": "t1_mprage_sag_0p8mm",
	"ScanningSequence": "GR_IR",
	"SequenceVariant": "SK_SP_MP",
	"ScanOptions": "IR",
	"SequenceName": "_tfl3d1_16",
	"ImageType": ["ORIGINAL", "PRIMARY", "M", "ND", "NORM"],
	"SeriesNumber": 6,
	"AcquisitionTime": "14:57:54.142500",
	"AcquisitionNumber": 1,
	"SliceThickness": 0.8,
	"SAR": 0.117153,
	"EchoTime": 0.00385,
	"RepetitionTime": 2.9,
	"InversionTime": 1.1,
	"FlipAngle": 8,
	"PartialFourier": 1,
	"BaseResolution": 192,
	"ShimSetting": [
		-579,
		-10776,
		-752,
		-162,
		-30,
		-2211,
		-361,
		-50	],
	"TxRefAmp": 242.039,
	"PhaseResolution": 1,
	"ReceiveCoilName": "Loop_11",
	"ReceiveCoilActiveElements": "L11",
	"PulseSequenceDetails": "%SiemensSeq%_tfl",
	"ConsistencyInfo": "N4_VE11B_LATEST_20150530",
	"PercentPhaseFOV": 100,
	"PhaseEncodingSteps": 192,
	"AcquisitionMatrixPE": 192,
	"ReconMatrixPE": 192,
	"PixelBandwidth": 210,
	"ImageOrientationPatientDICOM": [
		0,
		1,
		-0.000174522,
		0,
		-0.000174522,
		-1	],
	"InPlanePhaseEncodingDirectionDICOM": "ROW",
	"ConversionSoftware": "dcm2niix",
	"ConversionSoftwareVersion": "v1.0.20171215 Clang7.3.0"
}
