{
	"Modality": "MR",
	"MagneticFieldStrength": 3,
	"Manufacturer": "Siemens",
	"ManufacturersModelName": "Prisma",
	"InstitutionName": "Universite_d_aix_Marseille",
	"InstitutionalDepartmentName": "Department",
	"InstitutionAddress": "Boulevard_Jean_Moulin_27_Marseille...4ECFF1..._District_FR_1300",
	"DeviceSerialNumber": "66072",
	"StationName": "AWP66072",
	"BodyPartExamined": "HEAD",
	"PatientPosition": "HFS",
	"ProcedureStepDescription": "PNH_Elouk_anat",
	"SoftwareVersions": "syngo_MR_E11",
	"MRAcquisitionType": "2D",
	"SeriesDescription": "DWI_AP_64b2000_32b1000_1p25mm_L11",
	"ProtocolName": "DWI_AP_64b2000_32b1000_1p25mm_L11",
	"ScanningSequence": "EP",
	"SequenceVariant": "SK_SS",
	"ScanOptions": "PFP",
	"SequenceName": "ep_b5#1",
	"ImageType": ["ORIGINAL", "PRIMARY", "DIFFUSION", "NONE", "ND", "MOSAIC"],
	"SeriesNumber": 14,
	"AcquisitionTime": "15:23:32.860000",
	"AcquisitionNumber": 1,
	"SliceThickness": 1.25,
	"SpacingBetweenSlices": 1.25,
	"SAR": 0.319212,
	"EchoTime": 0.0794,
	"RepetitionTime": 5.061,
	"FlipAngle": 78,
	"PartialFourier": 0.75,
	"BaseResolution": 96,
	"ShimSetting": [
		-542,
		-10536,
		-483,
		338,
		37,
		-3505,
		214,
		-211	],
	"TxRefAmp": 242.039,
	"PhaseResolution": 1,
	"ReceiveCoilName": "Loop_11",
	"ReceiveCoilActiveElements": "L11",
	"PulseSequenceDetails": "%CustomerSeq%_cmrr_mbep2d_diff",
	"ConsistencyInfo": "N4_VE11B_LATEST_20150530",
	"PercentPhaseFOV": 100,
	"EchoTrainLength": 72,
	"PhaseEncodingSteps": 72,
	"AcquisitionMatrixPE": 96,
	"ReconMatrixPE": 96,
	"BandwidthPerPixelPhaseEncode": 11.201,
	"EffectiveEchoSpacing": 0.000929976,
	"DerivedVendorReportedEchoSpacing": 0.000929976,
	"TotalReadoutTime": 0.0883478,
	"PixelBandwidth": 1185,
	"DwellTime": 4.4e-06,
	"PhaseEncodingDirection": "j-",
	"SliceTiming": [
		2.52,
		0,
		2.645,
		0.125,
		2.7725,
		0.2525,
		2.8975,
		0.3775,
		3.0225,
		0.5025,
		3.15,
		0.63,
		3.275,
		0.755,
		3.4025,
		0.8825,
		3.5275,
		1.0075,
		3.655,
		1.1325,
		3.78,
		1.26,
		3.905,
		1.385,
		4.0325,
		1.5125,
		4.1575,
		1.6375,
		4.285,
		1.7625,
		4.41,
		1.89,
		4.535,
		2.015,
		4.6625,
		2.1425,
		4.7875,
		2.2675,
		4.915,
		2.3925	],
	"ImageOrientationPatientDICOM": [
		1,
		0,
		0,
		0,
		0,
		-1	],
	"InPlanePhaseEncodingDirectionDICOM": "COL",
	"ConversionSoftware": "dcm2niix",
	"ConversionSoftwareVersion": "v1.0.20171215 Clang7.3.0"
}
